PATH
  remote: .
  specs:
    ruby-spacy (0.1.4.1)
      numpy (~> 0.4.0)
      pycall (~> 1.4.0)
      terminal-table (~> 3.0.1)

GEM
  remote: https://rubygems.org/
  specs:
    github-markup (4.0.0)
    minitest (5.14.4)
    numpy (0.4.0)
      pycall (>= 1.2.0.beta1)
    pycall (1.4.0)
    rake (13.0.3)
    redcarpet (3.5.1)
    terminal-table (3.0.1)
      unicode-display_width (>= 1.1.1, < 3)
    unicode-display_width (2.0.0)
    yard (0.9.26)

PLATFORMS
  arm64-darwin-20
  x86_64-darwin-20
  x86_64-linux

DEPENDENCIES
  github-markup
  minitest (~> 5.0)
  numpy
  pycall
  rake (~> 13.0)
  redcarpet
  ruby-spacy!
  terminal-table
  yard

BUNDLED WITH
   2.2.21
