PATH
  remote: .
  specs:
    ruby-spacy (0.1.0)

GEM
  remote: https://rubygems.org/
  specs:
    minitest (5.14.4)
    pycall (1.4.0)
    rake (13.0.3)
    terminal-table (3.0.1)
      unicode-display_width (>= 1.1.1, < 3)
    unicode-display_width (2.0.0)
    warning (1.2.0)

PLATFORMS
  x86_64-darwin-20

DEPENDENCIES
  minitest (~> 5.0)
  pycall
  rake (~> 13.0)
  ruby-spacy!
  terminal-table
  warning

BUNDLED WITH
   2.2.11
