PATH
  remote: .
  specs:
    ruby-spacy (0.1.0)
      pycall (~> 1.4.0)
      terminal-table (~> 3.0.1)

GEM
  remote: https://rubygems.org/
  specs:
    minitest (5.14.4)
    numpy (0.4.0)
      pycall (>= 1.2.0.beta1)
    pycall (1.4.0)
    rake (13.0.3)
    terminal-table (3.0.1)
      unicode-display_width (>= 1.1.1, < 3)
    unicode-display_width (2.0.0)

PLATFORMS
  arm64-darwin-20
  x86_64-darwin-20
  x86_64-linux

DEPENDENCIES
  minitest (~> 5.0)
  numpy
  pycall
  rake (~> 13.0)
  ruby-spacy!
  terminal-table

BUNDLED WITH
   2.2.11
